GIT
  remote: http://github.com/CodeMonkeySteve/factory_girl_rails.git
  revision: de20675bef9fb6d71281c61a59fa63991301d8c4
  specs:
    factory_girl_rails (1.0)
      factory_girl (~> 2.0.0.beta)
      railties (~> 3.0.0)

GEM
  remote: http://rubygems.org/
  specs:
    GData (0.0.4)
      builder (>= 2.1.2)
      hoe (>= 1.2.1)
    RedCloth (4.2.7)
    abstract (1.0.0)
    actionmailer (3.0.7)
      actionpack (= 3.0.7)
      mail (~> 2.2.15)
    actionpack (3.0.7)
      activemodel (= 3.0.7)
      activesupport (= 3.0.7)
      builder (~> 2.1.2)
      erubis (~> 2.6.6)
      i18n (~> 0.5.0)
      rack (~> 1.2.1)
      rack-mount (~> 0.6.14)
      rack-test (~> 0.5.7)
      tzinfo (~> 0.3.23)
    activemodel (3.0.7)
      activesupport (= 3.0.7)
      builder (~> 2.1.2)
      i18n (~> 0.5.0)
    activerecord (3.0.7)
      activemodel (= 3.0.7)
      activesupport (= 3.0.7)
      arel (~> 2.0.2)
      tzinfo (~> 0.3.23)
    activerecord-import (0.2.7)
      activerecord (~> 3.0.0)
    activeresource (3.0.7)
      activemodel (= 3.0.7)
      activesupport (= 3.0.7)
    activesupport (3.0.7)
    acts_as_list (0.1.3)
    arel (2.0.9)
    builder (2.1.2)
    capistrano (2.6.0)
      highline
      net-scp (>= 1.0.0)
      net-sftp (>= 2.0.0)
      net-ssh (>= 2.0.14)
      net-ssh-gateway (>= 1.1.0)
    configatron (2.7.2)
      yamler (>= 0.1.0)
    cover_me (1.0.0.rc6)
      configatron
      hashie
    daemons (1.1.3)
    delayed_job (2.1.4)
      activesupport (~> 3.0)
      daemons
    erubis (2.6.6)
      abstract (>= 1.0.0)
    factory_girl (2.0.0.beta2)
    google-spreadsheet-ruby (0.1.3)
      nokogiri (>= 1.4.3.1)
      oauth (>= 0.3.6)
    hashie (1.0.0)
    highline (1.6.1)
    hoe (2.9.4)
      rake (>= 0.8.7)
    hpricot (0.8.4)
    i18n (0.5.0)
    kgio (2.4.0)
    libxml-ruby (2.0.5)
    mail (2.2.19)
      activesupport (>= 2.3.6)
      i18n (>= 0.4.0)
      mime-types (~> 1.16)
      treetop (~> 1.4.8)
    map_by_method (0.8.3)
    mime-types (1.16)
    mocha (0.9.12)
    net-scp (1.0.4)
      net-ssh (>= 1.99.1)
    net-sftp (2.0.5)
      net-ssh (>= 2.0.9)
    net-ssh (2.1.4)
    net-ssh-gateway (1.1.0)
      net-ssh (>= 1.99.1)
    nokogiri (1.4.4)
    oauth (0.4.4)
    packet (0.1.15)
    paperclip (2.3.11)
      activerecord (>= 2.3.0)
      activesupport (>= 2.3.2)
    pg (0.11.0)
    polyglot (0.3.1)
    rack (1.2.2)
    rack-mount (0.6.14)
      rack (>= 1.0.0)
    rack-test (0.5.7)
      rack (>= 1.0)
    rails (3.0.7)
      actionmailer (= 3.0.7)
      actionpack (= 3.0.7)
      activerecord (= 3.0.7)
      activeresource (= 3.0.7)
      activesupport (= 3.0.7)
      bundler (~> 1.0)
      railties (= 3.0.7)
    railties (3.0.7)
      actionpack (= 3.0.7)
      activesupport (= 3.0.7)
      rake (>= 0.8.7)
      thor (~> 0.14.4)
    rake (0.8.7)
    roo (1.9.3)
    ruby-ole (1.2.11.1)
    rubyzip (0.9.4)
    silent-postgres (0.0.8)
    spork (0.8.4)
    spreadsheet (0.6.5.4)
      ruby-ole (>= 1.0)
    sqlite3 (1.3.3)
    sqlite3-ruby (1.3.3)
      sqlite3 (>= 1.3.3)
    thor (0.14.6)
    treetop (1.4.9)
      polyglot (>= 0.3.1)
    tzinfo (0.3.27)
    unicorn (3.6.2)
      kgio (~> 2.3)
      rack
    webrat (0.7.3)
      nokogiri (>= 1.2.0)
      rack (>= 1.0)
      rack-test (>= 0.5.3)
    what_methods (1.0.1)
    will_paginate (3.0.pre2)
    yamler (0.1.0)

PLATFORMS
  ruby

DEPENDENCIES
  GData
  RedCloth (>= 4.1.9)
  activerecord-import (>= 0.2.0)
  acts_as_list
  capistrano
  cover_me
  delayed_job
  factory_girl_rails!
  google-spreadsheet-ruby
  hpricot
  libxml-ruby
  map_by_method
  mocha (>= 0.9.10)
  nokogiri
  packet
  paperclip
  pg
  rails (= 3.0.7)
  roo
  ruby-ole
  rubyzip
  silent-postgres
  spork
  spreadsheet
  sqlite3-ruby
  unicorn
  webrat
  what_methods
  will_paginate (>= 3.0.pre)
